GIT
  remote: https://github.com/sagotsky/chipmunk.git
  revision: f7e73fd712bfc4e52e7c11e5816bba90b1700b57
  branch: fix_for_ruby_2_6_2
  specs:
    chipmunk (6.1.3.4)

GEM
  remote: https://rubygems.org/
  specs:
    coderay (1.1.2)
    gosu (0.12.1)
    method_source (0.9.0)
    minitest (5.11.3)
    pry (0.11.3)
      coderay (~> 1.1.0)
      method_source (~> 0.9.0)
    rake (12.3.2)

PLATFORMS
  ruby

DEPENDENCIES
  bundler
  chipmunk!
  gosu
  minitest
  pry
  rake

BUNDLED WITH
   1.17.2
